GEM
  remote: https://rubygems.org/
  specs:
    addressable (2.8.0)
      public_suffix (>= 2.0.2, < 5.0)
    colorator (1.1.0)
    concurrent-ruby (1.1.10)
    em-websocket (0.5.3)
      eventmachine (>= 0.12.9)
      http_parser.rb (~> 0)
    ethon (0.15.0)
      ffi (>= 1.15.0)
    eventmachine (1.2.7)
    ffi (1.15.5)
    forwardable-extended (2.6.0)
    html-proofer (3.19.4)
      addressable (~> 2.3)
      mercenary (~> 0.3)
      nokogiri (~> 1.13)
      parallel (~> 1.10)
      rainbow (~> 3.0)
      typhoeus (~> 1.3)
      yell (~> 2.0)
    http_parser.rb (0.8.0)
    i18n (1.10.0)
      concurrent-ruby (~> 1.0)
    jekyll (4.2.2)
      addressable (~> 2.4)
      colorator (~> 1.0)
      em-websocket (~> 0.5)
      i18n (~> 1.0)
      jekyll-sass-converter (~> 2.0)
      jekyll-watch (~> 2.0)
      kramdown (~> 2.3)
      kramdown-parser-gfm (~> 1.0)
      liquid (~> 4.0)
      mercenary (~> 0.4.0)
      pathutil (~> 0.9)
      rouge (~> 3.0)
      safe_yaml (~> 1.0)
      terminal-table (~> 2.0)
    jekyll-archives (2.2.1)
      jekyll (>= 3.6, < 5.0)
    jekyll-paginate (1.1.0)
    jekyll-redirect-from (0.16.0)
      jekyll (>= 3.3, < 5.0)
    jekyll-sass-converter (2.2.0)
      sassc (> 2.0.1, < 3.0)
    jekyll-seo-tag (2.8.0)
      jekyll (>= 3.8, < 5.0)
    jekyll-sitemap (1.4.0)
      jekyll (>= 3.7, < 5.0)
    jekyll-theme-chirpy (5.1.0)
      jekyll (~> 4.1)
      jekyll-archives (~> 2.2)
      jekyll-paginate (~> 1.1)
      jekyll-redirect-from (~> 0.16)
      jekyll-seo-tag (~> 2.7)
      jekyll-sitemap (~> 1.4)
    jekyll-watch (2.2.1)
      listen (~> 3.0)
    kramdown (2.4.0)
      rexml
    kramdown-parser-gfm (1.1.0)
      kramdown (~> 2.0)
    liquid (4.0.3)
    listen (3.7.1)
      rb-fsevent (~> 0.10, >= 0.10.3)
      rb-inotify (~> 0.9, >= 0.9.10)
    mercenary (0.4.0)
    nokogiri (1.13.9-x86_64-linux)
      racc (~> 1.4)
    parallel (1.22.1)
    pathutil (0.16.2)
      forwardable-extended (~> 2.6)
    public_suffix (4.0.7)
    racc (1.6.0)
    rainbow (3.1.1)
    rb-fsevent (0.11.1)
    rb-inotify (0.10.1)
      ffi (~> 1.0)
    rexml (3.2.5)
    rouge (3.28.0)
    safe_yaml (1.0.5)
    sassc (2.4.0)
      ffi (~> 1.9)
    terminal-table (2.0.0)
      unicode-display_width (~> 1.1, >= 1.1.1)
    thread_safe (0.3.6)
    typhoeus (1.4.0)
      ethon (>= 0.9.0)
    tzinfo (1.2.10)
      thread_safe (~> 0.1)
    tzinfo-data (1.2022.1)
      tzinfo (>= 1.0.0)
    unicode-display_width (1.8.0)
    wdm (0.1.1)
    webrick (1.7.0)
    yell (2.2.2)

PLATFORMS
  x86_64-linux

DEPENDENCIES
  html-proofer (~> 3.18)
  jekyll-theme-chirpy (~> 5.1, >= 5.1.0)
  tzinfo (~> 1.2)
  tzinfo-data
  wdm (~> 0.1.1)
  webrick (~> 1.7)

BUNDLED WITH
   2.3.14
